GIT
  remote: git://github.com/plataformatec/devise.git
  revision: ce6e369ba85d3759474e468dd0b28735e7450a3d
  branch: lm-rails-4-2
  specs:
    devise (3.3.0)
      bcrypt (~> 3.0)
      orm_adapter (~> 0.1)
      railties (>= 3.2.6, < 5)
      responders
      thread_safe (~> 0.1)
      warden (~> 1.2.3)

GEM
  remote: https://rubygems.org/
  specs:
    aasm (3.3.3)
    actionmailer (4.2.0.beta4)
      actionpack (= 4.2.0.beta4)
      actionview (= 4.2.0.beta4)
      activejob (= 4.2.0.beta4)
      mail (~> 2.5, >= 2.5.4)
      rails-dom-testing (~> 1.0, >= 1.0.4)
    actionpack (4.2.0.beta4)
      actionview (= 4.2.0.beta4)
      activesupport (= 4.2.0.beta4)
      rack (~> 1.6.0.beta)
      rack-test (~> 0.6.2)
      rails-dom-testing (~> 1.0, >= 1.0.4)
      rails-html-sanitizer (~> 1.0, >= 1.0.1)
    actionview (4.2.0.beta4)
      activesupport (= 4.2.0.beta4)
      builder (~> 3.1)
      erubis (~> 2.7.0)
      rails-dom-testing (~> 1.0, >= 1.0.4)
      rails-html-sanitizer (~> 1.0, >= 1.0.1)
    activejob (4.2.0.beta4)
      activesupport (= 4.2.0.beta4)
      globalid (>= 0.3.0)
    activemodel (4.2.0.beta4)
      activesupport (= 4.2.0.beta4)
      builder (~> 3.1)
    activerecord (4.2.0.beta4)
      activemodel (= 4.2.0.beta4)
      activesupport (= 4.2.0.beta4)
      arel (>= 6.0.0.beta2, < 6.1)
    activesupport (4.2.0.beta4)
      i18n (>= 0.7.0.beta1, < 0.8)
      json (~> 1.7, >= 1.7.7)
      minitest (~> 5.1)
      thread_safe (~> 0.1)
      tzinfo (~> 1.1)
    addressable (2.3.6)
    arel (6.0.0.beta2)
    ast (2.0.0)
    astrolabe (1.3.0)
      parser (>= 2.2.0.pre.3, < 3.0)
    bcrypt (3.1.7)
    better_errors (1.1.0)
      coderay (>= 1.0.0)
      erubis (>= 2.6.6)
    binding_of_caller (0.7.2)
      debug_inspector (>= 0.0.1)
    bootstrap-sass (3.2.0.0)
      sass (~> 3.2)
    builder (3.2.2)
    cancancan (1.9.1)
    capybara (2.4.1)
      mime-types (>= 1.16)
      nokogiri (>= 1.3.3)
      rack (>= 1.0.0)
      rack-test (>= 0.5.4)
      xpath (~> 2.0)
    carmen (1.0.1)
      unicode_utils (~> 1.4.0)
    carmen-rails (1.0.1)
      carmen (~> 1.0.0)
      rails
    celluloid (0.15.2)
      timers (~> 1.1.0)
    cliver (0.3.2)
    coderay (1.1.0)
    coffee-rails (4.0.1)
      coffee-script (>= 2.2.0)
      railties (>= 4.0.0, < 5.0)
    coffee-script (2.3.0)
      coffee-script-source
      execjs
    coffee-script-source (1.7.1)
    countries (0.9.3)
      currencies (~> 0.4.2)
    country_select (1.3.1)
      countries (= 0.9.3)
    cucumber (1.3.16)
      builder (>= 2.1.2)
      diff-lcs (>= 1.1.3)
      gherkin (~> 2.12)
      multi_json (>= 1.7.5, < 2.0)
      multi_test (>= 0.1.1)
    cucumber-rails (1.4.1)
      capybara (>= 1.1.2, < 3)
      cucumber (>= 1.3.8, < 2)
      mime-types (~> 1.16)
      nokogiri (~> 1.5)
      rails (>= 3, < 5)
    currencies (0.4.2)
    database_cleaner (1.3.0)
    debug_inspector (0.0.2)
    diff-lcs (1.2.5)
    dotenv (0.11.1)
      dotenv-deployment (~> 0.0.2)
    dotenv-deployment (0.0.2)
    dotenv-rails (0.11.1)
      dotenv (= 0.11.1)
    erubis (2.7.0)
    execjs (2.2.1)
    fabrication (2.11.3)
    faker (1.4.2)
      i18n (~> 0.5)
    ffi (1.9.3)
    foreman (0.74.0)
      dotenv (~> 0.11.1)
      thor (~> 0.19.1)
    formatador (0.2.5)
    fuubar (2.0.0)
      rspec (~> 3.0)
      ruby-progressbar (~> 1.4)
    gherkin (2.12.2)
      multi_json (~> 1.3)
    globalid (0.3.0)
      activesupport (>= 4.1.0)
    guard (2.6.1)
      formatador (>= 0.2.4)
      listen (~> 2.7)
      lumberjack (~> 1.0)
      pry (>= 0.9.12)
      thor (>= 0.18.1)
    guard-bundler (2.0.0)
      bundler (~> 1.0)
      guard (~> 2.2)
    guard-cucumber (1.4.1)
      cucumber (>= 1.2.0)
      guard (>= 1.1.0)
    guard-rails (0.5.3)
      guard (~> 2.0)
    guard-rspec (4.3.1)
      guard (~> 2.1)
      rspec (>= 2.14, < 4.0)
    guard-rubocop (1.1.0)
      guard (~> 2.0)
      rubocop (~> 0.20)
    high_voltage (2.2.1)
    hike (1.2.3)
    i18n (0.7.0.beta1)
    interception (0.5)
    jbuilder (2.1.3)
      activesupport (>= 3.0.0, < 5)
      multi_json (~> 1.2)
    jquery-rails (3.1.1)
      railties (>= 3.0, < 5.0)
      thor (>= 0.14, < 2.0)
    json (1.8.1)
    kgio (2.9.2)
    launchy (2.4.2)
      addressable (~> 2.3)
    listen (2.7.9)
      celluloid (>= 0.15.2)
      rb-fsevent (>= 0.9.3)
      rb-inotify (>= 0.9)
    loofah (2.0.1)
      nokogiri (>= 1.5.9)
    lumberjack (1.0.9)
    mail (2.6.3)
      mime-types (>= 1.16, < 3)
    method_source (0.8.2)
    mime-types (1.25.1)
    mina (0.3.1)
      open4 (~> 1.3.4)
      rake
    mina-puma (0.1.2)
      mina
      puma
    mina-unicorn (0.0.3)
    mini_portile (0.6.1)
    minitest (5.4.3)
    multi_json (1.10.1)
    multi_test (0.1.1)
    mysql2 (0.3.16)
    newrelic_rpm (3.9.5.251)
    nokogiri (1.6.4.1)
      mini_portile (~> 0.6.0)
    nyan-cat-formatter (0.10.0)
      rspec (>= 2.99, >= 2.14.2, < 4)
    open4 (1.3.4)
    orm_adapter (0.5.0)
    paper_trail (3.0.5)
      activerecord (>= 3.0, < 5.0)
      activesupport (>= 3.0, < 5.0)
    parser (2.2.0.pre.4)
      ast (>= 1.1, < 3.0)
      slop (~> 3.4, >= 3.4.5)
    poltergeist (1.5.1)
      capybara (~> 2.1)
      cliver (~> 0.3.1)
      multi_json (~> 1.0)
      websocket-driver (>= 0.2.0)
    polyamorous (1.1.0)
      activerecord (>= 3.0)
    powerpack (0.0.9)
    pry (0.10.0)
      coderay (~> 1.1.0)
      method_source (~> 0.8.1)
      slop (~> 3.4)
    pry-rails (0.3.2)
      pry (>= 0.9.10)
    pry-rescue (1.4.1)
      interception (>= 0.5)
      pry
    puma (2.9.0)
      rack (>= 1.1, < 2.0)
    quiet_assets (1.0.3)
      railties (>= 3.1, < 5.0)
    rack (1.6.0.beta)
    rack-test (0.6.2)
      rack (>= 1.0)
    rails (4.2.0.beta4)
      actionmailer (= 4.2.0.beta4)
      actionpack (= 4.2.0.beta4)
      actionview (= 4.2.0.beta4)
      activejob (= 4.2.0.beta4)
      activemodel (= 4.2.0.beta4)
      activerecord (= 4.2.0.beta4)
      activesupport (= 4.2.0.beta4)
      bundler (>= 1.3.0, < 2.0)
      railties (= 4.2.0.beta4)
      sprockets-rails (~> 3.0.0.beta1)
    rails-deprecated_sanitizer (1.0.3)
      activesupport (>= 4.2.0.alpha)
    rails-dom-testing (1.0.4)
      activesupport (>= 4.2.0.beta, < 5.0)
      nokogiri (~> 1.6.0)
      rails-deprecated_sanitizer (>= 1.0.1)
    rails-html-sanitizer (1.0.1)
      loofah (~> 2.0)
    rails_layout (1.0.20)
    railties (4.2.0.beta4)
      actionpack (= 4.2.0.beta4)
      activesupport (= 4.2.0.beta4)
      rake (>= 0.8.7)
      thor (>= 0.18.1, < 2.0)
    rainbow (2.0.0)
    raindrops (0.13.0)
    rake (10.4.2)
    rb-fchange (0.0.6)
      ffi
    rb-fsevent (0.9.4)
    rb-inotify (0.9.5)
      ffi (>= 0.5.0)
    rdoc (4.1.1)
      json (~> 1.4)
    responders (2.0.0)
      railties (>= 4.2.0.alpha, < 5)
    role_model (0.8.1)
    rspec (3.0.0)
      rspec-core (~> 3.0.0)
      rspec-expectations (~> 3.0.0)
      rspec-mocks (~> 3.0.0)
    rspec-core (3.0.3)
      rspec-support (~> 3.0.0)
    rspec-example_steps (3.0.2)
      rspec-core (>= 3.0.0)
    rspec-expectations (3.0.3)
      diff-lcs (>= 1.2.0, < 2.0)
      rspec-support (~> 3.0.0)
    rspec-mocks (3.0.3)
      rspec-support (~> 3.0.0)
    rspec-rails (3.0.2)
      actionpack (>= 3.0)
      activesupport (>= 3.0)
      railties (>= 3.0)
      rspec-core (~> 3.0.0)
      rspec-expectations (~> 3.0.0)
      rspec-mocks (~> 3.0.0)
      rspec-support (~> 3.0.0)
    rspec-support (3.0.3)
    rubocop (0.26.1)
      astrolabe (~> 1.3)
      parser (>= 2.2.0.pre.4, < 3.0)
      powerpack (~> 0.0.6)
      rainbow (>= 1.99.1, < 3.0)
      ruby-progressbar (~> 1.4)
    ruby-progressbar (1.5.1)
    sass (3.2.19)
    sass-rails (5.0.0.beta1)
      railties (>= 4.0.0, < 5.0)
      sass (~> 3.2)
      sprockets (~> 2.12)
      sprockets-rails (>= 2.0, < 4.0)
    sdoc (0.4.0)
      json (~> 1.8)
      rdoc (~> 4.0, < 5.0)
    shoulda-matchers (2.6.2)
      activesupport (>= 3.0.0)
    simple_form (3.0.2)
      actionpack (~> 4.0)
      activemodel (~> 4.0)
    slop (3.6.0)
    spring (1.1.3)
    spring-commands-cucumber (1.0.1)
      spring (>= 0.9.1)
    spring-commands-rspec (1.0.2)
      spring (>= 0.9.1)
    sprockets (2.12.3)
      hike (~> 1.2)
      multi_json (~> 1.0)
      rack (~> 1.0)
      tilt (~> 1.1, != 1.3.0)
    sprockets-rails (3.0.0.beta1)
      actionpack (>= 4.0)
      activesupport (>= 4.0)
      sprockets (~> 2.8)
    squeel (1.2.1)
      activerecord (>= 3.0)
      activesupport (>= 3.0)
      polyamorous (~> 1.1.0)
    terminal-notifier-guard (1.5.3)
    thor (0.19.1)
    thread_safe (0.3.4)
    tilt (1.4.1)
    timers (1.1.0)
    tzinfo (1.2.2)
      thread_safe (~> 0.1)
    uglifier (2.5.3)
      execjs (>= 0.3.0)
      json (>= 1.8.0)
    unicode_utils (1.4.0)
    unicorn (4.8.3)
      kgio (~> 2.6)
      rack
      raindrops (~> 0.7)
    warden (1.2.3)
      rack (>= 1.0)
    websocket-driver (0.3.4)
    will_paginate (3.0.7)
    xpath (2.0.0)
      nokogiri (~> 1.3)

PLATFORMS
  ruby

DEPENDENCIES
  aasm
  better_errors
  binding_of_caller
  bootstrap-sass
  cancancan
  capybara
  carmen-rails
  coffee-rails (~> 4.0.0)
  country_select
  cucumber-rails
  database_cleaner
  devise!
  dotenv-rails
  fabrication
  faker
  foreman
  fuubar
  guard-bundler
  guard-cucumber
  guard-rails
  guard-rspec
  guard-rubocop
  high_voltage (~> 2.2.1)
  jbuilder (~> 2.0)
  jquery-rails
  launchy
  mina
  mina-puma
  mina-unicorn
  mysql2
  newrelic_rpm
  nyan-cat-formatter
  paper_trail
  poltergeist
  pry-rails
  pry-rescue
  puma
  quiet_assets
  rails (= 4.2.0.beta4)
  rails_layout
  rb-fchange
  rb-fsevent
  rb-inotify
  role_model
  rspec-example_steps (~> 3.0)
  rspec-rails
  rubocop
  sass-rails (= 5.0.0.beta1)
  sdoc (~> 0.4.0)
  shoulda-matchers
  simple_form
  spring
  spring-commands-cucumber
  spring-commands-rspec
  squeel
  terminal-notifier-guard
  uglifier (>= 1.3.0)
  unicorn
  will_paginate (~> 3.0)
